ObjectType = Image
ElementType = MET_UCHAR
NDims = 3

DimSize = 512 512 512
ElementSpacing = 1 1 1
Offset = 0.0 0.0 0.0
ElementDataFile = segmented_lrc32_512.raw
threshold 1 1 